GEM
  remote: https://rubygems.org/
  specs:
    activesupport (7.0.5)
      concurrent-ruby (~> 1.0, >= 1.0.2)
      i18n (>= 1.6, < 2)
      minitest (>= 5.1)
      tzinfo (~> 2.0)
    ast (2.4.2)
    backport (1.2.0)
    benchmark (0.2.1)
    concurrent-ruby (1.2.2)
    diff-lcs (1.5.0)
    e2mmap (0.1.0)
    i18n (1.14.1)
      concurrent-ruby (~> 1.0)
    jaro_winkler (1.5.6)
    json (2.6.3)
    kramdown (2.4.0)
      rexml
    kramdown-parser-gfm (1.1.0)
      kramdown (~> 2.0)
    minitest (5.18.1)
    nokogiri (1.15.2-x86_64-linux)
      racc (~> 1.4)
    parallel (1.23.0)
    parser (3.2.2.3)
      ast (~> 2.4.1)
      racc
    racc (1.7.1)
    rainbow (3.1.1)
    rbs (2.8.4)
    regexp_parser (2.8.1)
    reverse_markdown (2.1.1)
      nokogiri
    rexml (3.2.5)
    rubocop (1.52.1)
      json (~> 2.3)
      parallel (~> 1.10)
      parser (>= 3.2.2.3)
      rainbow (>= 2.2.2, < 4.0)
      regexp_parser (>= 1.8, < 3.0)
      rexml (>= 3.2.5, < 4.0)
      rubocop-ast (>= 1.28.0, < 2.0)
      ruby-progressbar (~> 1.7)
      unicode-display_width (>= 2.4.0, < 3.0)
    rubocop-ast (1.29.0)
      parser (>= 3.2.1.0)
    ruby-progressbar (1.13.0)
    solargraph (0.49.0)
      backport (~> 1.2)
      benchmark
      bundler (~> 2.0)
      diff-lcs (~> 1.4)
      e2mmap
      jaro_winkler (~> 1.5)
      kramdown (~> 2.3)
      kramdown-parser-gfm (~> 1.1)
      parser (~> 3.0)
      rbs (~> 2.0)
      reverse_markdown (~> 2.0)
      rubocop (~> 1.38)
      thor (~> 1.0)
      tilt (~> 2.0)
      yard (~> 0.9, >= 0.9.24)
    thor (1.2.2)
    tilt (2.2.0)
    tzinfo (2.0.6)
      concurrent-ruby (~> 1.0)
    unicode-display_width (2.4.2)
    yard (0.9.34)

PLATFORMS
  x86_64-linux

DEPENDENCIES
  activesupport
  solargraph

BUNDLED WITH
   2.4.10
